GEM
  remote: http://rubygems.org/
  specs:
    awesome_print (1.2.0)
    rake (10.1.0)
    xml-simple (1.1.2)

PLATFORMS
  ruby

DEPENDENCIES
  awesome_print
  rake (>= 10.0.0)
  xml-simple
