GEM
  remote: http://rubygems.org/
  specs:
    rake (0.9.2)
    xml-simple (1.1.0)

PLATFORMS
  ruby

DEPENDENCIES
  rake
  xml-simple
