GEM
  remote: http://rubygems.org/
  specs:
    xml-simple (1.0.15)

PLATFORMS
  ruby

DEPENDENCIES
  xml-simple
